GIT
  remote: git://github.com/capistrano/rbenv.git
  revision: 6f1216cfe0a6b4ac23ca4eaf8acf012e8165d247
  specs:
    capistrano-rbenv (2.0.3)
      capistrano (~> 3.1)
      sshkit (~> 1.3)

GEM
  remote: https://rubygems.org/
  specs:
    actionmailer (4.2.1)
      actionpack (= 4.2.1)
      actionview (= 4.2.1)
      activejob (= 4.2.1)
      mail (~> 2.5, >= 2.5.4)
      rails-dom-testing (~> 1.0, >= 1.0.5)
    actionpack (4.2.1)
      actionview (= 4.2.1)
      activesupport (= 4.2.1)
      rack (~> 1.6)
      rack-test (~> 0.6.2)
      rails-dom-testing (~> 1.0, >= 1.0.5)
      rails-html-sanitizer (~> 1.0, >= 1.0.1)
    actionview (4.2.1)
      activesupport (= 4.2.1)
      builder (~> 3.1)
      erubis (~> 2.7.0)
      rails-dom-testing (~> 1.0, >= 1.0.5)
      rails-html-sanitizer (~> 1.0, >= 1.0.1)
    activejob (4.2.1)
      activesupport (= 4.2.1)
      globalid (>= 0.3.0)
    activemodel (4.2.1)
      activesupport (= 4.2.1)
      builder (~> 3.1)
    activerecord (4.2.1)
      activemodel (= 4.2.1)
      activesupport (= 4.2.1)
      arel (~> 6.0)
    activesupport (4.2.1)
      i18n (~> 0.7)
      json (~> 1.7, >= 1.7.7)
      minitest (~> 5.1)
      thread_safe (~> 0.3, >= 0.3.4)
      tzinfo (~> 1.1)
    arel (6.0.0)
    autoprefixer-rails (5.1.8)
      execjs
      json
    bcrypt (3.1.10)
    bcrypt (3.1.10-x86-mingw32)
    bootstrap-sass (3.3.4.1)
      autoprefixer-rails (>= 5.0.0.1)
      sass (>= 3.2.19)
    bootstrap-switch-rails (3.3.2)
    bootstrap3-datetimepicker-rails (4.0.0)
      momentjs-rails (>= 2.8.1)
    builder (3.2.2)
    capistrano (3.1.0)
      i18n
      rake (>= 10.0.0)
      sshkit (~> 1.3)
    capistrano-bundler (1.1.4)
      capistrano (~> 3.1)
      sshkit (~> 1.2)
    capistrano-rails (1.1.2)
      capistrano (~> 3.1)
      capistrano-bundler (~> 1.1)
    climate_control (0.0.3)
      activesupport (>= 3.0)
    cocaine (0.5.7)
      climate_control (>= 0.0.3, < 1.0)
    coffee-rails (4.1.0)
      coffee-script (>= 2.2.0)
      railties (>= 4.0.0, < 5.0)
    coffee-script (2.3.0)
      coffee-script-source
      execjs
    coffee-script-source (1.9.1)
    colorize (0.7.5)
    countries (0.11.3)
      currencies (~> 0.4.2)
      i18n_data (~> 0.6.0)
    country_select (2.2.0)
      countries (~> 0.11.0)
      sort_alphabetical (~> 1.0)
    currencies (0.4.2)
    devise (3.4.1)
      bcrypt (~> 3.0)
      orm_adapter (~> 0.1)
      railties (>= 3.2.6, < 5)
      responders
      thread_safe (~> 0.1)
      warden (~> 1.2.3)
    erubis (2.7.0)
    execjs (2.4.0)
    font-awesome-sass (4.3.2.1)
      sass (~> 3.2)
    geocoder (1.2.8)
    globalid (0.3.3)
      activesupport (>= 4.1.0)
    gmaps4rails (2.1.2)
    hike (1.2.3)
    i18n (0.7.0)
    i18n_data (0.6.3)
    jquery-rails (4.0.3)
      rails-dom-testing (~> 1.0)
      railties (>= 4.2.0)
      thor (>= 0.14, < 2.0)
    json (1.8.2)
    libv8 (3.16.14.7)
    loofah (2.0.1)
      nokogiri (>= 1.5.9)
    mail (2.6.3)
      mime-types (>= 1.16, < 3)
    mime-types (2.4.3)
    mini_portile (0.6.2)
    minitest (5.5.1)
    momentjs-rails (2.9.0)
      railties (>= 3.1)
    multi_json (1.11.0)
    net-scp (1.2.1)
      net-ssh (>= 2.6.5)
    net-ssh (2.9.2)
    nokogiri (1.6.6.2)
      mini_portile (~> 0.6.0)
    nokogiri (1.6.6.2-x86-mingw32)
      mini_portile (~> 0.6.0)
    orm_adapter (0.5.0)
    paperclip (4.2.1)
      activemodel (>= 3.0.0)
      activesupport (>= 3.0.0)
      cocaine (~> 0.5.3)
      mime-types
    pg (0.21.0)
    pg (0.21.0-x86-mingw32)
    rack (1.6.0)
    rack-test (0.6.3)
      rack (>= 1.0)
    rails (4.2.1)
      actionmailer (= 4.2.1)
      actionpack (= 4.2.1)
      actionview (= 4.2.1)
      activejob (= 4.2.1)
      activemodel (= 4.2.1)
      activerecord (= 4.2.1)
      activesupport (= 4.2.1)
      bundler (>= 1.3.0, < 2.0)
      railties (= 4.2.1)
      sprockets-rails
    rails-deprecated_sanitizer (1.0.3)
      activesupport (>= 4.2.0.alpha)
    rails-dom-testing (1.0.6)
      activesupport (>= 4.2.0.beta, < 5.0)
      nokogiri (~> 1.6.0)
      rails-deprecated_sanitizer (>= 1.0.1)
    rails-html-sanitizer (1.0.2)
      loofah (~> 2.0)
    railties (4.2.1)
      actionpack (= 4.2.1)
      activesupport (= 4.2.1)
      rake (>= 0.8.7)
      thor (>= 0.18.1, < 2.0)
    rake (10.4.2)
    ref (1.0.5)
    responders (2.1.0)
      railties (>= 4.2.0, < 5)
    sass (3.4.13)
    sass-rails (5.0.1)
      railties (>= 4.0.0, < 5.0)
      sass (~> 3.1)
      sprockets (>= 2.8, < 4.0)
      sprockets-rails (>= 2.0, < 4.0)
      tilt (~> 1.1)
    simple_form (3.1.0)
      actionpack (~> 4.0)
      activemodel (~> 4.0)
    sort_alphabetical (1.0.1)
      unicode_utils (>= 1.2.2)
    sprockets (2.12.3)
      hike (~> 1.2)
      multi_json (~> 1.0)
      rack (~> 1.0)
      tilt (~> 1.1, != 1.3.0)
    sprockets-rails (2.2.4)
      actionpack (>= 3.0)
      activesupport (>= 3.0)
      sprockets (>= 2.8, < 4.0)
    sshkit (1.7.1)
      colorize (>= 0.7.0)
      net-scp (>= 1.1.2)
      net-ssh (>= 2.8.0)
    therubyracer (0.12.1)
      libv8 (~> 3.16.14.0)
      ref
    thor (0.19.1)
    thread_safe (0.3.5)
    tilt (1.4.1)
    tzinfo (1.2.2)
      thread_safe (~> 0.1)
    uglifier (2.7.1)
      execjs (>= 0.3.0)
      json (>= 1.8.0)
    unicode_utils (1.4.0)
    warden (1.2.3)
      rack (>= 1.0)

PLATFORMS
  ruby
  x86-mingw32

DEPENDENCIES
  bcrypt
  bootstrap-sass
  bootstrap-switch-rails
  bootstrap3-datetimepicker-rails (~> 4.0.0)
  capistrano (~> 3.1.0)
  capistrano-bundler (~> 1.1.2)
  capistrano-rails (~> 1.1.1)
  capistrano-rbenv!
  coffee-rails
  countries
  country_select
  devise
  font-awesome-sass
  geocoder
  gmaps4rails
  jquery-rails
  momentjs-rails (>= 2.8.1)
  paperclip
  pg (= 0.21.0)
  rails
  sass-rails
  simple_form
  therubyracer
  uglifier

BUNDLED WITH
   1.16.1
